GEM
  remote: https://rubygems.org/
  specs:
    activesupport (5.2.3)
      concurrent-ruby (~> 1.0, >= 1.0.2)
      i18n (>= 0.7, < 2)
      minitest (~> 5.1)
      tzinfo (~> 1.1)
    citrus (3.0.2)
    concurrent-ruby (1.1.5)
    differ (0.1.2)
    front_matter_parser (0.2.1)
    i18n (1.6.0)
      concurrent-ruby (~> 1.0)
    minitest (5.11.3)
    paint (2.1.0)
    thread_safe (0.3.6)
    toml-rb (1.1.2)
      citrus (~> 3.0, > 3.0)
    tzinfo (1.2.5)
      thread_safe (~> 0.1)
    unindent (1.0)
    word_wrap (1.0.0)

PLATFORMS
  ruby

DEPENDENCIES
  activesupport
  differ
  front_matter_parser
  paint
  toml-rb
  unindent
  word_wrap

BUNDLED WITH
   2.0.2
