GEM
  remote: https://rubygems.org/
  specs:
    citrus (3.0.2)
    paint (2.1.1)
    toml-rb (1.1.2)
      citrus (~> 3.0, > 3.0)

PLATFORMS
  ruby

DEPENDENCIES
  paint (~> 2.1)
  toml-rb (~> 1.1)

BUNDLED WITH
   2.0.2
