GEM
  remote: https://rubygems.org/
  specs:
    activesupport (6.0.2.1)
      concurrent-ruby (~> 1.0, >= 1.0.2)
      i18n (>= 0.7, < 2)
      minitest (~> 5.1)
      tzinfo (~> 1.1)
      zeitwerk (~> 2.2)
    citrus (3.0.2)
    concurrent-ruby (1.1.5)
    differ (0.1.2)
    front_matter_parser (0.2.1)
    git (1.3.0)
    i18n (1.8.2)
      concurrent-ruby (~> 1.0)
    minitest (5.14.0)
    paint (2.1.1)
    parallel (1.17.0)
    semantic (1.6.1)
    thread_safe (0.3.6)
    toml-rb (2.0.1)
      citrus (~> 3.0, > 3.0)
    tzinfo (1.2.6)
      thread_safe (~> 0.1)
    unindent (1.0)
    word_wrap (1.0.0)
    yard (0.9.24)
    zeitwerk (2.2.2)

PLATFORMS
  ruby

DEPENDENCIES
  activesupport (~> 6.0)
  differ (~> 0.1)
  front_matter_parser (~> 0.2)
  git (~> 1.3.0)
  paint (~> 2.1)
  parallel (~> 1.17.0)
  semantic (~> 1.6.1)
  toml-rb (~> 2.0)
  unindent (~> 1.0)
  word_wrap (~> 1.0)
  yard (~> 0.9)

RUBY VERSION
   ruby 2.7.0p0

BUNDLED WITH
   2.1.2
