GEM
  remote: https://rubygems.org/
  specs:
    citrus (3.0.2)
    git (1.7.0)
      rchardet (~> 1.8)
    kramdown (2.3.0)
      rexml
    kramdown-parser-gfm (1.1.0)
      kramdown (~> 2.0)
    mdl (0.9.0)
      kramdown (~> 2.0)
      kramdown-parser-gfm (~> 1.0)
      mixlib-cli (~> 2.1, >= 2.1.1)
      mixlib-config (>= 2.2.1, < 4)
    mixlib-cli (2.1.6)
    mixlib-config (3.0.6)
      tomlrb
    rchardet (1.8.0)
    rexml (3.2.4)
    semantic (1.6.1)
    toml-rb (2.0.1)
      citrus (~> 3.0, > 3.0)
    tomlrb (1.3.0)

PLATFORMS
  ruby

DEPENDENCIES
  git (~> 1.7.0)
  mdl (~> 0.9)
  semantic (~> 1.6.1)
  toml-rb (~> 2.0)

RUBY VERSION
   ruby 2.7.1p83

BUNDLED WITH
   2.1.4
